GEM
  remote: http://rubygems.org/
  specs:
    abstract (1.0.0)
    actionmailer (3.0.5)
      actionpack (= 3.0.5)
      mail (~> 2.2.15)
    actionpack (3.0.5)
      activemodel (= 3.0.5)
      activesupport (= 3.0.5)
      builder (~> 2.1.2)
      erubis (~> 2.6.6)
      i18n (~> 0.4)
      rack (~> 1.2.1)
      rack-mount (~> 0.6.13)
      rack-test (~> 0.5.7)
      tzinfo (~> 0.3.23)
    activemodel (3.0.5)
      activesupport (= 3.0.5)
      builder (~> 2.1.2)
      i18n (~> 0.4)
    activerecord (3.0.5)
      activemodel (= 3.0.5)
      activesupport (= 3.0.5)
      arel (~> 2.0.2)
      tzinfo (~> 0.3.23)
    activeresource (3.0.5)
      activemodel (= 3.0.5)
      activesupport (= 3.0.5)
    activesupport (3.0.5)
    arel (2.0.9)
    bcrypt-ruby (2.1.4)
    builder (2.1.2)
    cgi_multipart_eof_fix (2.5.0)
    columnize (0.3.2)
    daemons (1.1.3)
    devise (1.3.1)
      bcrypt-ruby (~> 2.1.2)
      orm_adapter (~> 0.0.3)
      warden (~> 1.0.3)
    erubis (2.6.6)
      abstract (>= 1.0.0)
    factory_girl (1.3.3)
    factory_girl_rails (1.0.1)
      factory_girl (~> 1.3)
      railties (>= 3.0.0)
    fastthread (1.0.7)
    formtastic (1.2.3)
      actionpack (>= 2.3.7)
      activesupport (>= 2.3.7)
      i18n (~> 0.4)
    gem_plugin (0.2.3)
    haml (3.1.1)
    haml-rails (0.3.4)
      actionpack (~> 3.0)
      activesupport (~> 3.0)
      haml (~> 3.0)
      railties (~> 3.0)
    has_scope (0.5.0)
    i18n (0.5.0)
    inherited_resources (1.2.2)
      has_scope (~> 0.5.0)
      responders (~> 0.6.0)
    jquery-rails (0.2.7)
      rails (~> 3.0)
      thor (~> 0.14.4)
    linecache (0.43)
    mail (2.2.19)
      activesupport (>= 2.3.6)
      i18n (>= 0.4.0)
      mime-types (~> 1.16)
      treetop (~> 1.4.8)
    mime-types (1.16)
    mocha (0.9.12)
    mongrel (1.1.5)
      cgi_multipart_eof_fix (>= 2.4)
      daemons (>= 1.0.3)
      fastthread (>= 1.0.1)
      gem_plugin (>= 0.2.3)
    orm_adapter (0.0.4)
    paperclip (2.3.11)
      activerecord (>= 2.3.0)
      activesupport (>= 2.3.2)
    pg (0.11.0)
    polyglot (0.3.1)
    rack (1.2.2)
    rack-mount (0.6.14)
      rack (>= 1.0.0)
    rack-test (0.5.7)
      rack (>= 1.0)
    rails (3.0.5)
      actionmailer (= 3.0.5)
      actionpack (= 3.0.5)
      activerecord (= 3.0.5)
      activeresource (= 3.0.5)
      activesupport (= 3.0.5)
      bundler (~> 1.0)
      railties (= 3.0.5)
    rails3-generators (0.17.4)
      railties (>= 3.0.0)
    railties (3.0.5)
      actionpack (= 3.0.5)
      activesupport (= 3.0.5)
      rake (>= 0.8.7)
      thor (~> 0.14.4)
    rake (0.8.7)
    responders (0.6.2)
    rest-client (1.6.1)
      mime-types (>= 1.16)
    ruby-debug (0.10.4)
      columnize (>= 0.1)
      ruby-debug-base (~> 0.10.4.0)
    ruby-debug-base (0.10.4)
      linecache (>= 0.3)
    sass (3.1.1)
    sequel (3.20.0)
    shoulda (2.11.3)
    sinatra (1.0)
      rack (>= 1.0)
    sqlite3 (1.3.3)
    sqlite3-ruby (1.3.3)
      sqlite3 (>= 1.3.3)
    taps (0.3.23)
      rack (>= 1.0.1)
      rest-client (>= 1.4.0, < 1.7.0)
      sequel (~> 3.20.0)
      sinatra (~> 1.0.0)
      sqlite3-ruby (~> 1.2)
    thor (0.14.6)
    treetop (1.4.9)
      polyglot (>= 0.3.1)
    tzinfo (0.3.27)
    validate_email (0.1.5)
      activemodel (>= 3.0)
      mail (>= 2.2.5)
    warden (1.0.4)
      rack (>= 1.0)
    yaml_db (0.2.1)

PLATFORMS
  ruby

DEPENDENCIES
  devise (= 1.3.1)
  factory_girl_rails
  formtastic
  haml-rails
  inherited_resources
  jquery-rails (~> 0.2.6)
  mocha
  mongrel
  paperclip
  pg
  rails (= 3.0.5)
  rails3-generators
  ruby-debug
  sass
  shoulda
  taps (~> 0.3.21)
  validate_email
  yaml_db
